GEM
  remote: https://rubygems.org/
  specs:
    connpass (0.0.1)
      hashie
    faraday (0.8.6)
      multipart-post (~> 1.1)
    hashie (2.0.3)
    multi_json (1.7.1)
    multipart-post (1.2.0)
    simple_oauth (0.2.0)
    twitter (4.6.2)
      faraday (~> 0.8, < 0.10)
      multi_json (~> 1.0)
      simple_oauth (~> 0.2)

PLATFORMS
  ruby

DEPENDENCIES
  connpass
  twitter
