GEM
  remote: https://rubygems.org/
  specs:
    connpass (0.0.1)
      hashie
    faraday (0.8.6)
      multipart-post (~> 1.1)
    hashie (2.0.3)
    json (1.7.7)
    multi_json (1.7.2)
    multipart-post (1.2.0)
    nokogiri (1.5.9)
    oauth (0.4.7)
    rubytter (1.4.2)
      json (>= 1.1.3)
      oauth (>= 0.3.6)
    simple_oauth (0.2.0)
    twitter (4.6.2)
      faraday (~> 0.8, < 0.10)
      multi_json (~> 1.0)
      simple_oauth (~> 0.2)

PLATFORMS
  ruby

DEPENDENCIES
  connpass
  nokogiri
  rubytter
  twitter
